GEM
  remote: http://rubygems.org/
  specs:
    ffi (1.1.5)
    guard (1.3.2)
      listen (>= 0.4.2)
      thor (>= 0.14.6)
    guard-phpunit (0.1.4)
      guard (~> 1.1)
    listen (0.4.7)
      rb-fchange (~> 0.0.5)
      rb-fsevent (~> 0.9.1)
      rb-inotify (~> 0.8.8)
    rb-fchange (0.0.5)
      ffi
    rb-fsevent (0.9.1)
    rb-inotify (0.8.8)
      ffi (>= 0.5.0)
    rb-readline (0.4.2)
    thor (0.16.0)

PLATFORMS
  ruby

DEPENDENCIES
  guard-phpunit
  rb-readline
